PATH
  remote: .
  specs:
    fluent-plugin-log-signature (0.1.0)
      fluentd (>= 0.14.10, < 2)

GEM
  remote: https://rubygems.org/
  specs:
    certstore_c (0.1.7)
    concurrent-ruby (1.2.2)
    cool.io (1.8.0)
    ffi (1.15.5-x64-mingw-ucrt)
    ffi-win32-extensions (1.0.4)
      ffi
    fluentd (1.16.2-x64-mingw-ucrt)
      bundler
      certstore_c (~> 0.1.7)
      cool.io (>= 1.4.5, < 2.0.0)
      http_parser.rb (>= 0.5.1, < 0.9.0)
      msgpack (>= 1.3.1, < 2.0.0)
      serverengine (>= 2.3.2, < 3.0.0)
      sigdump (~> 0.2.5)
      strptime (>= 0.2.4, < 1.0.0)
      tzinfo (>= 1.0, < 3.0)
      tzinfo-data (~> 1.0)
      webrick (~> 1.4)
      win32-event (~> 0.6.3)
      win32-ipc (~> 0.7.0)
      win32-service (~> 2.3.0)
      yajl-ruby (~> 1.0)
    http_parser.rb (0.8.0)
    msgpack (1.7.2)
    power_assert (2.0.3)
    rake (12.3.3)
    serverengine (2.3.2)
      sigdump (~> 0.2.2)
    sigdump (0.2.5)
    strptime (0.2.5)
    test-unit (3.5.9)
      power_assert
    tzinfo (2.0.6)
      concurrent-ruby (~> 1.0)
    tzinfo-data (1.2023.3)
      tzinfo (>= 1.0.0)
    webrick (1.8.1)
    win32-event (0.6.3)
      win32-ipc (>= 0.6.0)
    win32-ipc (0.7.0)
      ffi
    win32-service (2.3.2)
      ffi
      ffi-win32-extensions
    yajl-ruby (1.4.3)

PLATFORMS
  x64-mingw-ucrt

DEPENDENCIES
  bundler (~> 2.3.7)
  fluent-plugin-log-signature!
  rake (~> 12.0)
  test-unit (~> 3.5.3)

BUNDLED WITH
   2.3.26
